PATH
  remote: .
  specs:
    sns (0.0.1)
      ruby-hmac
      typhoeus

GEM
  remote: http://rubygems.org/
  specs:
    rack (1.2.1)
    ruby-hmac (0.4.0)
    typhoeus (0.1.31)
      rack

PLATFORMS
  ruby

DEPENDENCIES
  bundler (>= 1.0.0)
  ruby-hmac
  sns!
  typhoeus
